GEM
  remote: https://rubygems.org/
  specs:
    adsf (1.2.0)
      rack (>= 1.0.0)
    bson (1.9.2)
    bson_ext (1.9.2)
      bson (~> 1.9.2)
    coderay (1.1.0)
    colored (1.2)
    commonjs (0.2.7)
    cri (2.4.1)
      colored (>= 1.2)
    execjs (2.0.2)
    faker (1.2.0)
      i18n (~> 0.5)
    git (1.2.6)
    i18n (0.6.9)
    json (1.8.1)
    kramdown (1.3.0)
    less (2.4.0)
      commonjs (~> 0.2.7)
    libv8 (3.16.14.3)
    method_source (0.8.2)
    mime-types (2.0)
    mini_portile (0.5.2)
    mongo (1.9.2)
      bson (~> 1.9.2)
    nanoc (3.6.7)
      cri (~> 2.3)
    nanoc-git (0.0.7)
      git (>= 1.2.5)
      nanoc (>= 3.1.6)
    nokogiri (1.6.0)
      mini_portile (~> 0.5.0)
    pry (0.9.12.4)
      coderay (~> 1.0)
      method_source (~> 0.8)
      slop (~> 3.4)
    rack (1.5.2)
    rainpress (1.0)
    ref (1.0.5)
    rubypants (0.2.0)
    slop (3.4.7)
    therubyracer (0.12.0)
      libv8 (~> 3.16.14.0)
      ref
    typogruby (1.0.16)
      rubypants
    uglifier (2.3.2)
      execjs (>= 0.3.0)
      json (>= 1.8.0)

PLATFORMS
  ruby

DEPENDENCIES
  adsf
  bson_ext
  faker
  json
  kramdown
  less
  mime-types
  mongo
  nanoc
  nanoc-git
  nokogiri
  pry
  rainpress
  therubyracer
  typogruby
  uglifier
