GEM
  remote: http://rubygems.org/
  specs:
    adsf (1.1.1)
      rack (>= 1.0.0)
    colored (1.2)
    commonjs (0.2.6)
    cri (2.3.0)
      colored (>= 1.2)
    execjs (1.4.0)
      multi_json (~> 1.0)
    git (1.2.5)
    json (1.7.5)
    kramdown (0.13.8)
    less (2.2.2)
      commonjs (~> 0.2.6)
    libv8 (3.3.10.4)
    mime-types (1.19)
    multi_json (1.3.6)
    nanoc (3.4.0)
      cri (~> 2.2)
    nanoc-git (0.0.7)
      git (>= 1.2.5)
      nanoc (>= 3.1.6)
    rack (1.4.1)
    rainpress (1.0)
    rubypants (0.2.0)
    therubyracer (0.10.2)
      libv8 (~> 3.3.10)
    typogruby (1.0.15)
      rubypants
    uglifier (1.3.0)
      execjs (>= 0.3.0)
      multi_json (~> 1.0, >= 1.0.2)

PLATFORMS
  ruby

DEPENDENCIES
  adsf
  json
  kramdown
  less
  mime-types
  nanoc
  nanoc-git
  rainpress
  therubyracer
  typogruby
  uglifier
