GEM
  remote: http://rubygems.org/
  specs:
    adsf (1.0.1)
      rack (>= 1.0.0)
    cri (2.0.2)
    execjs (1.2.9)
      multi_json (~> 1.0)
    git (1.2.5)
    json (1.6.1)
    kramdown (0.13.3)
    less (2.0.7)
      therubyracer (~> 0.9.2)
    libv8 (3.3.10.2)
    mime-types (1.16)
    multi_json (1.0.3)
    nanoc (3.2.2)
      nanoc3 (>= 3.2.2)
    nanoc-git (0.0.7)
      git (>= 1.2.5)
      nanoc (>= 3.1.6)
    nanoc3 (3.2.2)
      cri (~> 2.0)
    rack (1.3.5)
    rainpress (1.0)
    rubypants (0.2.0)
    therubyracer (0.9.8)
      libv8 (~> 3.3.10)
    typogruby (1.0.13)
      rubypants
    uglifier (1.0.4)
      execjs (>= 0.3.0)
      multi_json (>= 1.0.2)

PLATFORMS
  ruby

DEPENDENCIES
  adsf
  json
  kramdown
  less
  mime-types
  nanoc
  nanoc-git
  rainpress
  typogruby
  uglifier
