GEM
  remote: http://rubygems.org/
  specs:
    adsf (1.1.1)
      rack (>= 1.0.0)
    bson (1.7.0)
    coderay (1.0.8)
    colored (1.2)
    commonjs (0.2.6)
    cri (2.3.0)
      colored (>= 1.2)
    execjs (1.4.0)
      multi_json (~> 1.0)
    faker (1.1.2)
      i18n (~> 0.5)
    git (1.2.5)
    i18n (0.6.1)
    json (1.7.5)
    kramdown (0.14.0)
    less (2.2.2)
      commonjs (~> 0.2.6)
    libv8 (3.3.10.4)
    method_source (0.8.1)
    mime-types (1.19)
    mongo (1.7.0)
      bson (~> 1.7.0)
    multi_json (1.3.7)
    nanoc (3.4.2)
      cri (~> 2.2)
    nanoc-git (0.0.7)
      git (>= 1.2.5)
      nanoc (>= 3.1.6)
    pry (0.9.10)
      coderay (~> 1.0.5)
      method_source (~> 0.8)
      slop (~> 3.3.1)
    rack (1.4.1)
    rainpress (1.0)
    rubypants (0.2.0)
    slop (3.3.3)
    therubyracer (0.10.2)
      libv8 (~> 3.3.10)
    typogruby (1.0.15)
      rubypants
    uglifier (1.3.0)
      execjs (>= 0.3.0)
      multi_json (~> 1.0, >= 1.0.2)

PLATFORMS
  ruby

DEPENDENCIES
  adsf
  faker
  json
  kramdown
  less
  mime-types
  mongo
  nanoc
  nanoc-git
  pry
  rainpress
  therubyracer
  typogruby
  uglifier
