GEM
  remote: https://rubygems.org/
  specs:
    adsf (1.1.1)
      rack (>= 1.0.0)
    bson (1.8.5)
    bson_ext (1.8.5)
      bson (~> 1.8.5)
    coderay (1.0.9)
    colored (1.2)
    commonjs (0.2.6)
    cri (2.3.0)
      colored (>= 1.2)
    execjs (1.4.0)
      multi_json (~> 1.0)
    faker (1.1.2)
      i18n (~> 0.5)
    git (1.2.5)
    i18n (0.6.4)
    json (1.7.7)
    kramdown (1.0.1)
    less (2.3.2)
      commonjs (~> 0.2.6)
    libv8 (3.11.8.17)
    method_source (0.8.1)
    mime-types (1.22)
    mongo (1.8.5)
      bson (~> 1.8.5)
    multi_json (1.7.2)
    nanoc (3.6.2)
      cri (~> 2.3)
    nanoc-git (0.0.7)
      git (>= 1.2.5)
      nanoc (>= 3.1.6)
    nokogiri (1.5.9)
    pry (0.9.12)
      coderay (~> 1.0.5)
      method_source (~> 0.8)
      slop (~> 3.4)
    rack (1.5.2)
    rainpress (1.0)
    ref (1.0.4)
    rubypants (0.2.0)
    slop (3.4.4)
    therubyracer (0.11.4)
      libv8 (~> 3.11.8.12)
      ref
    typogruby (1.0.15)
      rubypants
    uglifier (2.0.1)
      execjs (>= 0.3.0)
      multi_json (~> 1.0, >= 1.0.2)

PLATFORMS
  ruby

DEPENDENCIES
  adsf
  bson_ext
  faker
  json
  kramdown
  less
  mime-types
  mongo
  nanoc
  nanoc-git
  nokogiri
  pry
  rainpress
  therubyracer
  typogruby
  uglifier
