GEM
  remote: http://rubygems.org/
  specs:
    adsf (1.1.1)
      rack (>= 1.0.0)
    bson (1.8.2)
    bson_ext (1.8.2)
      bson (~> 1.8.2)
    coderay (1.0.8)
    colored (1.2)
    commonjs (0.2.6)
    cri (2.3.0)
      colored (>= 1.2)
    execjs (1.4.0)
      multi_json (~> 1.0)
    faker (1.1.2)
      i18n (~> 0.5)
    git (1.2.5)
    i18n (0.6.1)
    json (1.7.6)
    kramdown (0.14.2)
    less (2.2.2)
      commonjs (~> 0.2.6)
    method_source (0.8.1)
    mime-types (1.19)
    mongo (1.8.2)
      bson (~> 1.8.2)
    multi_json (1.5.0)
    nanoc (3.5.0)
      cri (~> 2.2)
    nanoc-git (0.0.7)
      git (>= 1.2.5)
      nanoc (>= 3.1.6)
    nokogiri (1.5.6)
    pry (0.9.11.4)
      coderay (~> 1.0.5)
      method_source (~> 0.8)
      slop (~> 3.4)
    rack (1.5.0)
    rainpress (1.0)
    ref (1.0.2)
    rubypants (0.2.0)
    slop (3.4.3)
    therubyracer (0.11.0)
      ref
    typogruby (1.0.15)
      rubypants
    uglifier (1.3.0)
      execjs (>= 0.3.0)
      multi_json (~> 1.0, >= 1.0.2)

PLATFORMS
  ruby

DEPENDENCIES
  adsf
  bson_ext
  faker
  json
  kramdown
  less
  mime-types
  mongo
  nanoc
  nanoc-git
  nokogiri
  pry
  rainpress
  therubyracer (= 0.11.0)
  typogruby
  uglifier
