GEM
  remote: http://rubygems.org/
  specs:
    adsf (1.1.1)
      rack (>= 1.0.0)
    commonjs (0.2.4)
    cri (2.2.1)
    execjs (1.3.0)
      multi_json (~> 1.0)
    git (1.2.5)
    json (1.6.5)
    kramdown (0.13.5)
    less (2.0.11)
      commonjs (~> 0.2.0)
      therubyracer (~> 0.9.9)
    libv8 (3.3.10.4)
    mime-types (1.17.2)
    multi_json (1.1.0)
    nanoc (3.3.2)
      cri (~> 2.2)
    nanoc-git (0.0.7)
      git (>= 1.2.5)
      nanoc (>= 3.1.6)
    rack (1.4.1)
    rainpress (1.0)
    rubypants (0.2.0)
    therubyracer (0.9.10)
      libv8 (~> 3.3.10)
    typogruby (1.0.14)
      rubypants
    uglifier (1.2.3)
      execjs (>= 0.3.0)
      multi_json (>= 1.0.2)

PLATFORMS
  ruby

DEPENDENCIES
  adsf
  json
  kramdown
  less
  mime-types
  nanoc
  nanoc-git
  rainpress
  typogruby
  uglifier
